PATH
  remote: .
  specs:
    orange_money_webpay (1.0.1)

GEM
  remote: https://rubygems.org/
  specs:
    faraday (0.15.4)
      multipart-post (>= 1.2, < 3)
    multipart-post (2.0.0)
    rake (10.5.0)

PLATFORMS
  ruby

DEPENDENCIES
  bundler (~> 2.0)
  faraday (~> 0.15.4)
  orange_money_webpay!
  rake (~> 10.0)

BUNDLED WITH
   2.2.17
